GEM
  remote: https://rubygems.org/
  specs:
    antlr3 (1.10.0)
    coderay (1.1.1)
    martha (0.1.0)
      thor
    method_source (0.9.0)
    mini_portile2 (2.3.0)
    nokogiri (1.8.5)
      mini_portile2 (~> 2.3.0)
    pry (0.12.2)
      coderay (~> 1.1.0)
      method_source (~> 0.9.0)
    thor (0.20.0)

PLATFORMS
  ruby
  x64-mingw32

DEPENDENCIES
  antlr3
  martha
  nokogiri
  pry

BUNDLED WITH
   1.16.3
